GEM
  remote: https://rubygems.org/
  specs:
    activesupport (7.0.4.2)
      concurrent-ruby (~> 1.0, >= 1.0.2)
      i18n (>= 1.6, < 2)
      minitest (>= 5.1)
      tzinfo (~> 2.0)
    addressable (2.8.7)
      public_suffix (>= 2.0.2, < 7.0)
    ast (2.4.2)
    axiom-types (0.1.1)
      descendants_tracker (~> 0.0.4)
      ice_nine (~> 0.11.0)
      thread_safe (~> 0.3, >= 0.3.1)
    bigdecimal (3.2.2)
    childprocess (5.1.0)
      logger (~> 1.5)
    coderay (1.1.3)
    coercible (1.0.0)
      descendants_tracker (~> 0.0.1)
    concurrent-ruby (1.2.0)
    descendants_tracker (0.0.4)
      thread_safe (~> 0.3, >= 0.3.1)
    diff-lcs (1.5.0)
    docile (1.4.1)
    dry-configurable (1.3.0)
      dry-core (~> 1.1)
      zeitwerk (~> 2.6)
    dry-core (1.1.0)
      concurrent-ruby (~> 1.0)
      logger
      zeitwerk (~> 2.6)
    dry-inflector (1.2.0)
    dry-initializer (3.2.0)
    dry-logic (1.6.0)
      bigdecimal
      concurrent-ruby (~> 1.0)
      dry-core (~> 1.1)
      zeitwerk (~> 2.6)
    dry-schema (1.13.4)
      concurrent-ruby (~> 1.0)
      dry-configurable (~> 1.0, >= 1.0.1)
      dry-core (~> 1.0, < 2)
      dry-initializer (~> 3.0)
      dry-logic (>= 1.4, < 2)
      dry-types (>= 1.7, < 2)
      zeitwerk (~> 2.6)
    dry-types (1.8.3)
      bigdecimal (~> 3.0)
      concurrent-ruby (~> 1.0)
      dry-core (~> 1.0)
      dry-inflector (~> 1.0)
      dry-logic (~> 1.4)
      zeitwerk (~> 2.6)
    equalizer (0.0.11)
    erubi (1.13.1)
    flay (2.13.3)
      erubi (~> 1.10)
      path_expander (~> 1.0)
      ruby_parser (~> 3.0)
      sexp_processor (~> 4.0)
    flog (4.8.0)
      path_expander (~> 1.0)
      ruby_parser (~> 3.1, > 3.1.0)
      sexp_processor (~> 4.8)
    i18n (1.12.0)
      concurrent-ruby (~> 1.0)
    ice_nine (0.11.2)
    launchy (3.1.1)
      addressable (~> 2.8)
      childprocess (~> 5.0)
      logger (~> 1.6)
    logger (1.7.0)
    method_source (1.0.0)
    minitest (5.17.0)
    parallel (1.22.1)
    parser (3.2.0.0)
      ast (~> 2.4.1)
    path_expander (1.1.3)
    pry (0.13.1)
      coderay (~> 1.1)
      method_source (~> 1.0)
    pry-nav (1.0.0)
      pry (>= 0.9.10, < 0.15)
    public_suffix (6.0.2)
    racc (1.8.1)
    rack (3.0.4.1)
    rainbow (3.1.1)
    reek (6.2.0)
      dry-schema (~> 1.13.0)
      parser (~> 3.2.0)
      rainbow (>= 2.0, < 4.0)
      rexml (~> 3.1)
    regexp_parser (2.6.2)
    rexml (3.2.5)
    rspec (3.11.0)
      rspec-core (~> 3.11.0)
      rspec-expectations (~> 3.11.0)
      rspec-mocks (~> 3.11.0)
    rspec-core (3.11.0)
      rspec-support (~> 3.11.0)
    rspec-expectations (3.11.1)
      diff-lcs (>= 1.2.0, < 2.0)
      rspec-support (~> 3.11.0)
    rspec-mocks (3.11.1)
      diff-lcs (>= 1.2.0, < 2.0)
      rspec-support (~> 3.11.0)
    rspec-support (3.11.1)
    rubocop (0.93.1)
      parallel (~> 1.10)
      parser (>= 2.7.1.5)
      rainbow (>= 2.2.2, < 4.0)
      regexp_parser (>= 1.8)
      rexml
      rubocop-ast (>= 0.6.0)
      ruby-progressbar (~> 1.7)
      unicode-display_width (>= 1.4.0, < 2.0)
    rubocop-airbnb (4.0.0)
      rubocop (~> 0.93.1)
      rubocop-performance (~> 1.10.2)
      rubocop-rails (~> 2.9.1)
      rubocop-rspec (~> 1.44.1)
    rubocop-ast (1.24.1)
      parser (>= 3.1.1.0)
    rubocop-performance (1.10.2)
      rubocop (>= 0.90.0, < 2.0)
      rubocop-ast (>= 0.4.0)
    rubocop-rails (2.9.1)
      activesupport (>= 4.2.0)
      rack (>= 1.1)
      rubocop (>= 0.90.0, < 2.0)
    rubocop-rspec (1.44.1)
      rubocop (~> 0.87)
      rubocop-ast (>= 0.7.1)
    ruby-progressbar (1.11.0)
    ruby_parser (3.21.1)
      racc (~> 1.5)
      sexp_processor (~> 4.16)
    rubycritic (4.8.0)
      flay (~> 2.8)
      flog (~> 4.4)
      launchy (>= 2.0.0)
      parser (>= 2.6.0)
      rainbow (~> 3.0)
      reek (~> 6.0, < 7.0)
      ruby_parser (~> 3.8)
      simplecov (>= 0.17.0)
      tty-which (~> 0.4.0)
      virtus (~> 1.0)
    sexp_processor (4.17.3)
    simplecov (0.22.0)
      docile (~> 1.1)
      simplecov-html (~> 0.11)
      simplecov_json_formatter (~> 0.1)
    simplecov-html (0.13.2)
    simplecov_json_formatter (0.1.4)
    thread_safe (0.3.6)
    tty-which (0.4.2)
    tzinfo (2.0.6)
      concurrent-ruby (~> 1.0)
    unicode-display_width (1.8.0)
    virtus (1.0.5)
      axiom-types (~> 0.1)
      coercible (~> 1.0)
      descendants_tracker (~> 0.0, >= 0.0.3)
      equalizer (~> 0.0, >= 0.0.9)
    zeitwerk (2.6.18)

PLATFORMS
  x86_64-linux

DEPENDENCIES
  pry (~> 0.13.1)
  pry-nav
  rspec (~> 3.0)
  rubocop
  rubocop-airbnb
  rubycritic (~> 4.8)
  simplecov (~> 0.22.0)

BUNDLED WITH
   2.3.22
